GEM
  remote: https://rubygems.org/
  specs:
    daemons (1.1.9)
    ffi (1.3.1)
    sys-cpu (0.7.0)
      ffi (>= 1.0.0)

PLATFORMS
  ruby

DEPENDENCIES
  daemons
  sys-cpu
